PATH
  remote: .
  specs:
    trilogy (2.9.0)
      bigdecimal

GEM
  remote: https://rubygems.org/
  specs:
    benchmark-ips (2.7.2)
    bigdecimal (3.1.8)
    minitest (5.25.4)
    mysql2 (0.5.6)
    openssl (3.3.0)
    rake (13.0.1)
    rake-compiler (1.0.7)
      rake

PLATFORMS
  ruby

DEPENDENCIES
  benchmark-ips
  minitest (~> 5.5)
  mysql2
  openssl (~> 3.0)
  rake-compiler (~> 1.0)
  trilogy!

BUNDLED WITH
   2.5.23
